PATH
  remote: .
  specs:
    git-prepare-branch (0.1.0)
      rainbow (~> 3.0)

GEM
  remote: https://rubygems.org/
  specs:
    ansi (1.5.0)
    builder (3.2.3)
    byebug (10.0.1)
    coderay (1.1.2)
    method_source (0.9.0)
    minitest (5.11.3)
    minitest-reporters (1.2.0)
      ansi
      builder
      minitest (>= 5.0)
      ruby-progressbar
    pry (0.11.3)
      coderay (~> 1.1.0)
      method_source (~> 0.9.0)
    pry-byebug (3.6.0)
      byebug (~> 10.0)
      pry (~> 0.10)
    rainbow (3.0.0)
    ruby-progressbar (1.9.0)

PLATFORMS
  ruby

DEPENDENCIES
  git-prepare-branch!
  minitest-reporters (~> 1.2)
  pry-byebug (~> 3.6)

BUNDLED WITH
   1.16.1
